GEM
  remote: https://rubygems.org/
  specs:
    byebug (11.1.3)
    mini_portile2 (2.5.0)
    nokogiri (1.11.1)
      mini_portile2 (~> 2.5.0)
      racc (~> 1.4)
    racc (1.5.2)
    rubyXL (3.4.17)
      nokogiri (>= 1.10.8)
      rubyzip (>= 1.3.0)
    rubyzip (2.3.0)

PLATFORMS
  ruby

DEPENDENCIES
  byebug
  rubyXL

RUBY VERSION
   ruby 2.6.6p146

BUNDLED WITH
   2.2.7
